GIT
  remote: git://github.com/danchoi/kindlerb.git
  revision: 5c9ab513dc9cdfa304b919ca927a321b7960a0bb
  specs:
    kindlerb (1.0.1)
      mustache
      nokogiri

GEM
  remote: https://rubygems.org/
  specs:
    mini_portile (0.6.2)
    mustache (1.0.0)
    nokogiri (1.6.6.2)
      mini_portile (~> 0.6.0)

PLATFORMS
  ruby

DEPENDENCIES
  kindlerb!
